GEM
  remote: https://rubygems.org/
  specs:
    addressable (2.3.6)
    coderay (1.1.0)
    excon (0.37.0)
    heroku (3.8.4)
      heroku-api (~> 0.3.17)
      launchy (>= 0.3.2)
      netrc (~> 0.7.7)
      rest-client (~> 1.6.1)
      rubyzip
    heroku-api (0.3.18)
      excon (~> 0.27)
      multi_json (~> 1.8)
    launchy (2.4.2)
      addressable (~> 2.3)
    method_source (0.8.2)
    mime-types (2.3)
    multi_json (1.10.1)
    netrc (0.7.7)
    pry (0.10.0)
      coderay (~> 1.1.0)
      method_source (~> 0.8.1)
      slop (~> 3.4)
    rack (1.5.2)
    rack-protection (1.5.3)
      rack
    rest-client (1.6.7)
      mime-types (>= 1.16)
    rubyzip (1.1.4)
    sinatra (1.4.5)
      rack (~> 1.4)
      rack-protection (~> 1.4)
      tilt (~> 1.3, >= 1.3.4)
    slop (3.5.0)
    tilt (1.4.1)

PLATFORMS
  ruby

DEPENDENCIES
  heroku
  pry
  sinatra
